PATH
  remote: .
  specs:
    dorian-yaml-read-write (0.2.3)

GEM
  remote: https://rubygems.org/
  specs:

PLATFORMS
  arm64-darwin-23
  ruby

DEPENDENCIES
  dorian-yaml-read-write!

RUBY VERSION
   ruby 3.3.0p0

BUNDLED WITH
   2.5.6
